GIT
  remote: https://github.com/NCDevOnline/unirest-ruby
  revision: 8d9088a2a817ff285a652180aa57a202e4d0b089
  specs:
    unirest (1.1.3)
      addressable (~> 2.7.0)
      json (~> 2.3.1)
      rest-client (~> 2.1.0)

PATH
  remote: .
  specs:
    ip_to_earth (1.0)
      json_mapper (~> 0.2.1)
      unirest (~> 1.1.3)

GEM
  remote: https://rubygems.org/
  specs:
    addressable (2.7.0)
      public_suffix (>= 2.0.2, < 5.0)
    domain_name (0.5.20190701)
      unf (>= 0.0.5, < 1.0.0)
    http-accept (1.7.0)
    http-cookie (1.0.3)
      domain_name (~> 0.5)
    json (2.3.1)
    json_mapper (0.2.1)
      json (>= 1.4.3)
    mime-types (3.3.1)
      mime-types-data (~> 3.2015)
    mime-types-data (3.2020.1104)
    netrc (0.11.0)
    public_suffix (4.0.6)
    rest-client (2.1.0)
      http-accept (>= 1.7.0, < 2.0)
      http-cookie (>= 1.0.2, < 2.0)
      mime-types (>= 1.16, < 4.0)
      netrc (~> 0.8)
    unf (0.1.4)
      unf_ext
    unf_ext (0.0.7.7)

PLATFORMS
  ruby

DEPENDENCIES
  ip_to_earth!
  unirest!

RUBY VERSION
   ruby 2.7.2p137

BUNDLED WITH
   2.1.4
